PATH
  remote: .
  specs:
    fluentd-ui (0.0.1.pre)
      addressable
      bcrypt (~> 3.1.5)
      bundler
      fluentd (~> 0.10.48)
      font-awesome-rails
      haml-rails (~> 0.5.3)
      httpclient
      i18n_generators (= 1.2.1)
      jbuilder (~> 2.0)
      jquery-rails (~> 3.1.0)
      rails (= 4.1.1)
      sass-rails (~> 4.0.3)
      settingslogic
      sqlite3
      sucker_punch (~> 1.0.5)
      uglifier (>= 1.3.0)

GEM
  remote: https://rubygems.org/
  specs:
    actionmailer (4.1.1)
      actionpack (= 4.1.1)
      actionview (= 4.1.1)
      mail (~> 2.5.4)
    actionpack (4.1.1)
      actionview (= 4.1.1)
      activesupport (= 4.1.1)
      rack (~> 1.5.2)
      rack-test (~> 0.6.2)
    actionview (4.1.1)
      activesupport (= 4.1.1)
      builder (~> 3.1)
      erubis (~> 2.7.0)
    activemodel (4.1.1)
      activesupport (= 4.1.1)
      builder (~> 3.1)
    activerecord (4.1.1)
      activemodel (= 4.1.1)
      activesupport (= 4.1.1)
      arel (~> 5.0.0)
    activesupport (4.1.1)
      i18n (~> 0.6, >= 0.6.9)
      json (~> 1.7, >= 1.7.7)
      minitest (~> 5.1)
      thread_safe (~> 0.1)
      tzinfo (~> 1.1)
    addressable (2.3.6)
    arel (5.0.1.20140414130214)
    bcrypt (3.1.7)
    builder (3.2.2)
    capybara (2.2.1)
      mime-types (>= 1.16)
      nokogiri (>= 1.3.3)
      rack (>= 1.0.0)
      rack-test (>= 0.5.4)
      xpath (~> 2.0)
    celluloid (0.15.2)
      timers (~> 1.1.0)
    coderay (1.1.0)
    cool.io (1.2.4)
    crack (0.4.2)
      safe_yaml (~> 1.0.0)
    database_cleaner (1.2.0)
    diff-lcs (1.2.5)
    domain_name (0.5.18)
      unf (>= 0.0.5, < 1.0.0)
    erubis (2.7.0)
    execjs (2.1.0)
    factory_girl (4.4.0)
      activesupport (>= 3.0.0)
    factory_girl_rails (4.4.1)
      factory_girl (~> 4.4.0)
      railties (>= 3.0.0)
    fluentd (0.10.48)
      cool.io (>= 1.1.1, < 2.0.0, != 1.2.0)
      http_parser.rb (>= 0.5.1, < 0.7.0)
      json (>= 1.4.3)
      msgpack (>= 0.4.4, < 0.6.0, != 0.5.3, != 0.5.2, != 0.5.1, != 0.5.0)
      sigdump (~> 0.2.2)
      yajl-ruby (~> 1.0)
    font-awesome-rails (4.1.0.0)
      railties (>= 3.2, < 5.0)
    haml (4.0.5)
      tilt
    haml-rails (0.5.3)
      actionpack (>= 4.0.1)
      activesupport (>= 4.0.1)
      haml (>= 3.1, < 5.0)
      railties (>= 4.0.1)
    hike (1.2.3)
    http-cookie (1.0.2)
      domain_name (~> 0.5)
    http_parser.rb (0.6.0)
    httpclient (2.3.4.1)
    i18n (0.6.9)
    i18n_generators (1.2.1)
      mechanize
      rails (>= 3.0.0)
    jbuilder (2.0.7)
      activesupport (>= 3.0.0, < 5)
      multi_json (~> 1.2)
    jquery-rails (3.1.0)
      railties (>= 3.0, < 5.0)
      thor (>= 0.14, < 2.0)
    json (1.8.1)
    mail (2.5.4)
      mime-types (~> 1.16)
      treetop (~> 1.4.8)
    mechanize (2.7.2)
      domain_name (~> 0.5, >= 0.5.1)
      http-cookie (~> 1.0.0)
      mime-types (~> 1.17, >= 1.17.2)
      net-http-digest_auth (~> 1.1, >= 1.1.1)
      net-http-persistent (~> 2.5, >= 2.5.2)
      nokogiri (~> 1.4)
      ntlm-http (~> 0.1, >= 0.1.1)
      webrobots (>= 0.0.9, < 0.2)
    method_source (0.8.2)
    mime-types (1.25.1)
    mini_portile (0.5.3)
    minitest (5.3.4)
    msgpack (0.5.8)
    multi_json (1.10.0)
    net-http-digest_auth (1.4)
    net-http-persistent (2.9.4)
    nokogiri (1.6.1)
      mini_portile (~> 0.5.0)
    ntlm-http (0.1.1)
    polyglot (0.3.5)
    pry (0.9.12.6)
      coderay (~> 1.0)
      method_source (~> 0.8)
      slop (~> 3.4)
    puma (2.8.2)
      rack (>= 1.1, < 2.0)
    rack (1.5.2)
    rack-test (0.6.2)
      rack (>= 1.0)
    rails (4.1.1)
      actionmailer (= 4.1.1)
      actionpack (= 4.1.1)
      actionview (= 4.1.1)
      activemodel (= 4.1.1)
      activerecord (= 4.1.1)
      activesupport (= 4.1.1)
      bundler (>= 1.3.0, < 2.0)
      railties (= 4.1.1)
      sprockets-rails (~> 2.0)
    railties (4.1.1)
      actionpack (= 4.1.1)
      activesupport (= 4.1.1)
      rake (>= 0.8.7)
      thor (>= 0.18.1, < 2.0)
    rake (10.3.2)
    rspec-collection_matchers (0.0.4)
      rspec-expectations (>= 2.99.0.beta1)
    rspec-core (2.99.0)
    rspec-expectations (2.99.0)
      diff-lcs (>= 1.1.3, < 2.0)
    rspec-mocks (2.99.0)
    rspec-rails (2.99.0)
      actionpack (>= 3.0)
      activemodel (>= 3.0)
      activesupport (>= 3.0)
      railties (>= 3.0)
      rspec-collection_matchers
      rspec-core (~> 2.99.0)
      rspec-expectations (~> 2.99.0)
      rspec-mocks (~> 2.99.0)
    safe_yaml (1.0.3)
    sass (3.2.19)
    sass-rails (4.0.3)
      railties (>= 4.0.0, < 5.0)
      sass (~> 3.2.0)
      sprockets (~> 2.8, <= 2.11.0)
      sprockets-rails (~> 2.0)
    settingslogic (2.0.9)
    sigdump (0.2.2)
    simplecov (0.7.1)
      multi_json (~> 1.0)
      simplecov-html (~> 0.7.1)
    simplecov-html (0.7.1)
    slop (3.5.0)
    sprockets (2.11.0)
      hike (~> 1.2)
      multi_json (~> 1.0)
      rack (~> 1.0)
      tilt (~> 1.1, != 1.3.0)
    sprockets-rails (2.1.3)
      actionpack (>= 3.0)
      activesupport (>= 3.0)
      sprockets (~> 2.8)
    sqlite3 (1.3.9)
    sucker_punch (1.0.5)
      celluloid (~> 0.15.2)
    thor (0.19.1)
    thread_safe (0.3.4)
    tilt (1.4.1)
    timers (1.1.0)
    treetop (1.4.15)
      polyglot
      polyglot (>= 0.3.1)
    tzinfo (1.2.1)
      thread_safe (~> 0.1)
    uglifier (2.5.0)
      execjs (>= 0.3.0)
      json (>= 1.8.0)
    unf (0.1.4)
      unf_ext
    unf_ext (0.0.6)
    webmock (1.18.0)
      addressable (>= 2.3.6)
      crack (>= 0.3.2)
    webrobots (0.1.1)
    xpath (2.0.0)
      nokogiri (~> 1.3)
    yajl-ruby (1.2.0)

PLATFORMS
  ruby

DEPENDENCIES
  capybara (~> 2.2.1)
  database_cleaner (~> 1.2.0)
  factory_girl_rails
  fluentd-ui!
  pry
  puma
  rake
  rspec-rails (~> 2.0)
  simplecov (~> 0.7.1)
  webmock (~> 1.18.0)
